GEM
  remote: https://rubygems.org/
  specs:
    mini_exiftool (2.8.0)

PLATFORMS
  ruby

DEPENDENCIES
  mini_exiftool

BUNDLED WITH
   1.12.5
